GEM
  remote: https://rubygems.org/
  specs:
    nio4r (2.7.0)
    puma (5.6.8)
      nio4r (~> 2.0)
    rack (2.2.8.1)

PLATFORMS
  x86_64-darwin-18
  x86_64-linux

DEPENDENCIES
  puma
  rack

RUBY VERSION
   ruby 3.0.2p107

BUNDLED WITH
   2.2.22
