GEM
  remote: https://rubygems.org/
  specs:
    rack (2.2.3)

PLATFORMS
  x86_64-darwin-18

DEPENDENCIES
  rack

RUBY VERSION
   ruby 3.0.2p107

BUNDLED WITH
   2.2.22
